GEM
  remote: https://rubygems.org/
  specs:
    csv (3.3.3)
    json (2.10.2)
    thor (1.3.2)
    yaml (0.4.0)

PLATFORMS
  ruby
  x86_64-linux

DEPENDENCIES
  csv
  json
  thor
  yaml

BUNDLED WITH
   2.5.3
